GEM
  remote: https://rubygems.org/
  specs:
    colorize (0.8.1)
    dotenv (2.7.6)

PLATFORMS
  x86_64-linux

DEPENDENCIES
  colorize
  dotenv

BUNDLED WITH
   2.2.28
